GEM
  remote: https://rubygems.org/
  specs:
    awesome_print (1.6.0)

PLATFORMS
  ruby

DEPENDENCIES
  awesome_print (= 1.6.0)

RUBY VERSION
   ruby 2.4.0p0

BUNDLED WITH
   1.14.6
